GEM
  remote: https://rubygems.org/
  specs:
    exifr (1.3.6)

PLATFORMS
  x64-mingw32

DEPENDENCIES
  exifr (~> 1.3, >= 1.3.6)

BUNDLED WITH
   2.0.2
