GEM
  remote: https://rubygems.org/
  specs:
    exifr (1.3.6)
    rubyzip (2.3.0)

PLATFORMS
  x64-mingw32

DEPENDENCIES
  exifr (~> 1.3, >= 1.3.6)
  rubyzip

BUNDLED WITH
   2.0.2
